GEM
  remote: http://rubygems.org/
  specs:
    addressable (2.2.6)
    archive-tar-minitar (0.5.2)
    bcrypt-ruby (3.0.1)
    columnize (0.3.6)
    dm-core (1.2.0)
      addressable (~> 2.2.6)
    dm-types (1.2.0)
      bcrypt-ruby (~> 3.0.0)
      dm-core (~> 1.2.0)
      fastercsv (~> 1.5.4)
      json (~> 1.5.4)
      multi_json (~> 1.0.3)
      stringex (~> 1.3.0)
      uuidtools (~> 2.1.2)
    dm-validations (1.2.0)
      dm-core (~> 1.2.0)
    fastercsv (1.5.4)
    gemcutter (0.6.1)
    git (1.2.5)
    hiredis (0.4.5)
    jeweler (1.4.0)
      gemcutter (>= 0.1.0)
      git (>= 1.2.5)
      rubyforge (>= 2.0.0)
    json (1.5.4)
    json_pure (1.4.6)
    linecache19 (0.5.12)
      ruby_core_source (>= 0.1.4)
    multi_json (1.0.3)
    rake (0.8.7)
    redis (2.2.0)
    rspec (1.3.1)
    ruby-debug-base19 (0.11.25)
      columnize (>= 0.3.1)
      linecache19 (>= 0.5.11)
      ruby_core_source (>= 0.1.4)
    ruby-debug19 (0.11.6)
      columnize (>= 0.3.1)
      linecache19 (>= 0.5.11)
      ruby-debug-base19 (>= 0.11.19)
    ruby_core_source (0.1.5)
      archive-tar-minitar (>= 0.5.2)
    rubyforge (2.0.4)
      json_pure (>= 1.1.7)
    stringex (1.3.0)
    uuidtools (2.1.2)

PLATFORMS
  ruby

DEPENDENCIES
  dm-core (>= 1.2.0)
  dm-types (>= 1.2.0)
  dm-validations (>= 1.2.0)
  hiredis (~> 0.4.0)
  jeweler (>= 1.4.0)
  rake (>= 0.8.7)
  redis (>= 2.2)
  rspec (~> 1.3.0)
  ruby-debug19
